GEM
  remote: https://rubygems.org/
  specs:
    ansi (1.5.0)
    builder (3.2.4)
    coderay (1.1.3)
    io-console (0.5.7)
    irb (1.3.2)
      reline (>= 0.1.5)
    method_source (1.0.0)
    minitest (5.14.3)
    minitest-reporters (1.4.3)
      ansi
      builder
      minitest (>= 5.0)
      ruby-progressbar
    pry (0.13.1)
      coderay (~> 1.1)
      method_source (~> 1.0)
    rake (13.0.3)
    reline (0.2.2)
      io-console (~> 0.5)
    ruby-progressbar (1.11.0)

PLATFORMS
  ruby

DEPENDENCIES
  irb
  minitest (~> 5.14)
  minitest-reporters
  pry
  rake

BUNDLED WITH
   1.17.2
